GEM
  remote: https://rubygems.org/
  specs:
    active_pattern (1.1.0)
    method_matchable (1.0.0)

PLATFORMS
  ruby

DEPENDENCIES
  active_pattern
  method_matchable

BUNDLED WITH
   2.1.2
